{
    "Modality": "MR",
    "MagneticFieldStrength": 3,
    "ImagingFrequency": 123.254302,
    "Manufacturer": "Siemens",
    "ManufacturersModelName": "Prisma",
    "InstitutionName": "CUBRIC_3T_West",
    "InstitutionalDepartmentName": "Department",
    "InstitutionAddress": "Maindy Road *,CARDIFF-Note:body18, flex Coils and interface in Connectome,Wales,GB,CF24 4HQ",
    "DeviceSerialNumber": "66073",
    "StationName": "AWP66073",
    "BodyPartExamined": "BRAIN",
    "PatientPosition": "HFS",
    "ProcedureStepDescription": "3TWproj^424_eegfmri",
    "SoftwareVersions": "syngo MR E11",
    "MRAcquisitionType": "3D",
    "SeriesDescription": "ph_t1_mprage_sag_psn_grappa2_1mmiso",
    "ProtocolName": "ph_t1_mprage_sag_psn_grappa2_1mmiso",
    "ScanningSequence": "GR\\IR",
    "SequenceVariant": "SK\\SP\\MP",
    "ScanOptions": "IR",
    "SequenceName": "*tfl3d1_16ns",
    "ImageType": [
        "ORIGINAL",
        "PRIMARY",
        "M",
        "NORM",
        "DIS3D",
        "DIS2D"
    ],
    "NonlinearGradientCorrection": true,
    "SeriesNumber": 2,
    "AcquisitionTime": "19:16:16.585000",
    "AcquisitionNumber": 1,
    "SliceThickness": 1,
    "SAR": 0.0501306,
    "EchoTime": 0.00306,
    "RepetitionTime": 2.3,
    "SpoilingState": true,
    "InversionTime": 0.85,
    "FlipAngle": 9,
    "PartialFourier": 1,
    "BaseResolution": 256,
    "ShimSetting": [
        9769,
        0,
        -2638,
        196,
        58,
        -276,
        86,
        48
    ],
    "TxRefAmp": 251.253,
    "PhaseResolution": 1,
    "ReceiveCoilName": "Head_32",
    "ReceiveCoilActiveElements": "HEA;HEP",
    "PulseSequenceDetails": "%SiemensSeq%\\tfl",
    "RefLinesPE": 24,
    "CoilCombinationMethod": "Adaptive Combine",
    "ConsistencyInfo": "N4_VE11C_LATEST_20160120",
    "MatrixCoilMode": "GRAPPA",
    "PercentPhaseFOV": 112.5,
    "PercentSampling": 100,
    "PhaseEncodingSteps": 287,
    "AcquisitionMatrixPE": 288,
    "ReconMatrixPE": 288,
    "ParallelReductionFactorInPlane": 2,
    "PixelBandwidth": 230,
    "DwellTime": 0.0000085,
    "ImageOrientationPatientDICOM": [
        0,
        1,
        0,
        0,
        0,
        -1
    ],
    "ImageOrientationText": "Sag",
    "InPlanePhaseEncodingDirectionDICOM": "ROW",
    "ConversionSoftware": "dcm2niix",
    "ConversionSoftwareVersion": "v1.0.20230411"
}