{
    "Modality": "MR",
    "MagneticFieldStrength": 3,
    "ImagingFrequency": 123.254499,
    "Manufacturer": "Siemens",
    "ManufacturersModelName": "Prisma",
    "InstitutionName": "CUBRIC_3T_West",
    "InstitutionalDepartmentName": "Department",
    "InstitutionAddress": "Maindy Road *,CARDIFF-Note:body18, flex Coils and interface in Connectome,Wales,GB,CF24 4HQ",
    "DeviceSerialNumber": "66073",
    "StationName": "AWP66073",
    "BodyPartExamined": "BRAIN",
    "PatientPosition": "HFS",
    "ProcedureStepDescription": "3TWproj^424_eegfmri",
    "SoftwareVersions": "syngo MR E11",
    "MRAcquisitionType": "2D",
    "SeriesDescription": "gre_field_mapping_LOW_B1+",
    "ProtocolName": "gre_field_mapping_LOW_B1+",
    "ScanningSequence": "GR",
    "SequenceVariant": "SP",
    "SequenceName": "*fm2d2r",
    "ImageType": [
        "ORIGINAL",
        "PRIMARY",
        "P",
        "ND",
        "PHASE"
    ],
    "NonlinearGradientCorrection": false,
    "SeriesNumber": 8,
    "AcquisitionTime": "20:02:35.930000",
    "AcquisitionNumber": 1,
    "SliceThickness": 3.5,
    "SpacingBetweenSlices": 3.5,
    "SAR": 0.0755832,
    "EchoNumber": 2,
    "EchoTime": 0.00738,
    "RepetitionTime": 1,
    "FlipAngle": 75,
    "EchoTime1": 0.00492,
    "EchoTime2": 0.00738,
    "PartialFourier": 1,
    "BaseResolution": 64,
    "ShimSetting": [
        9816,
        16,
        -2624,
        501,
        88,
        -42,
        -13,
        60
    ],
    "TxRefAmp": 247.26,
    "PhaseResolution": 1,
    "ReceiveCoilName": "Head_32",
    "ReceiveCoilActiveElements": "HEA;HEP",
    "PulseSequenceDetails": "%SiemensSeq%\\gre_field_mapping",
    "CoilCombinationMethod": "Sum of Squares",
    "ConsistencyInfo": "N4_VE11C_LATEST_20160120",
    "MatrixCoilMode": "SENSE",
    "PercentPhaseFOV": 100,
    "PercentSampling": 100,
    "PhaseEncodingSteps": 64,
    "AcquisitionMatrixPE": 64,
    "ReconMatrixPE": 64,
    "PixelBandwidth": 290,
    "DwellTime": 0.0000269,
    "PhaseEncodingDirection": "j-",
    "SliceTiming": [
        0,
        0.5,
        0.01562,
        0.53125,
        0.04688,
        0.5625,
        0.07812,
        0.59375,
        0.09375,
        0.60938,
        0.125,
        0.64062,
        0.15625,
        0.67188,
        0.1875,
        0.6875,
        0.20312,
        0.71875,
        0.23438,
        0.75,
        0.26562,
        0.78125,
        0.29688,
        0.79688,
        0.3125,
        0.82812,
        0.34375,
        0.85938,
        0.375,
        0.89062,
        0.39062,
        0.90625,
        0.42188,
        0.9375,
        0.45312,
        0.96875,
        0.48438
    ],
    "ImageOrientationPatientDICOM": [
        0.99997,
        0.00767932,
        -0.0000268061,
        -0.00767936,
        0.999964,
        -0.00349055
    ],
    "ImageOrientationText": "Tra>Cor(-0.2)",
    "InPlanePhaseEncodingDirectionDICOM": "COL",
    "ConversionSoftware": "dcm2niix",
    "ConversionSoftwareVersion": "v1.0.20230411",
    "IntendedFor": [
        "func/sub-21102021301_task-arousal_bold.nii.gz"
    ]
}