{
    "Modality": "MR",
    "MagneticFieldStrength": 3,
    "ImagingFrequency": 123.254373,
    "Manufacturer": "Siemens",
    "ManufacturersModelName": "Prisma",
    "InstitutionName": "CUBRIC_3T_West",
    "InstitutionalDepartmentName": "Department",
    "InstitutionAddress": "Maindy Road *,CARDIFF-Note:body18 in Connectome,Wales,GB,CF24 4HQ",
    "DeviceSerialNumber": "66073",
    "StationName": "AWP66073",
    "BodyPartExamined": "BRAIN",
    "PatientPosition": "HFS",
    "ProcedureStepDescription": "3TWproj^424_eegfmri",
    "SoftwareVersions": "syngo MR E11",
    "MRAcquisitionType": "2D",
    "SeriesDescription": "gre_field_mapping_LOW_B1+",
    "ProtocolName": "gre_field_mapping_LOW_B1+",
    "ScanningSequence": "GR",
    "SequenceVariant": "SP",
    "SequenceName": "*fm2d2r",
    "ImageType": [
        "ORIGINAL",
        "PRIMARY",
        "M",
        "ND",
        "NORM"
    ],
    "NonlinearGradientCorrection": false,
    "SeriesNumber": 7,
    "AcquisitionTime": "21:55:19.242500",
    "AcquisitionNumber": 1,
    "SliceThickness": 3.5,
    "SpacingBetweenSlices": 3.5,
    "SAR": 0.0627444,
    "EchoNumber": 2,
    "EchoTime": 0.00738,
    "RepetitionTime": 1,
    "FlipAngle": 75,
    "PartialFourier": 1,
    "BaseResolution": 64,
    "ShimSetting": [
        9801,
        42,
        -2636,
        527,
        85,
        -38,
        -75,
        15
    ],
    "TxRefAmp": 228.771,
    "PhaseResolution": 1,
    "ReceiveCoilName": "Head_32",
    "ReceiveCoilActiveElements": "HEA;HEP",
    "PulseSequenceDetails": "%SiemensSeq%\\gre_field_mapping",
    "CoilCombinationMethod": "Sum of Squares",
    "ConsistencyInfo": "N4_VE11C_LATEST_20160120",
    "MatrixCoilMode": "SENSE",
    "PercentPhaseFOV": 100,
    "PercentSampling": 100,
    "PhaseEncodingSteps": 64,
    "AcquisitionMatrixPE": 64,
    "ReconMatrixPE": 64,
    "PixelBandwidth": 290,
    "DwellTime": 0.0000269,
    "PhaseEncodingDirection": "j-",
    "SliceTiming": [
        0,
        0.5,
        0.01562,
        0.53125,
        0.04688,
        0.5625,
        0.07812,
        0.59375,
        0.09375,
        0.60938,
        0.125,
        0.64062,
        0.15625,
        0.67188,
        0.1875,
        0.6875,
        0.20312,
        0.71875,
        0.23438,
        0.75,
        0.26562,
        0.78125,
        0.29688,
        0.79688,
        0.3125,
        0.82812,
        0.34375,
        0.85938,
        0.375,
        0.89062,
        0.39062,
        0.90625,
        0.42188,
        0.9375,
        0.45312,
        0.96875,
        0.48438
    ],
    "ImageOrientationPatientDICOM": [
        0.99997,
        0.00767475,
        -0.000268007,
        -0.00767943,
        0.999361,
        -0.0348985
    ],
    "ImageOrientationText": "Tra>Cor(-2.0)",
    "InPlanePhaseEncodingDirectionDICOM": "COL",
    "ConversionSoftware": "dcm2niix",
    "ConversionSoftwareVersion": "v1.0.20230411",
    "IntendedFor": [
        "func/sub-12012022302_task-arousal_bold.nii.gz"
    ]
}