{
    "Modality": "MR",
    "MagneticFieldStrength": 3,
    "ImagingFrequency": 123.254458,
    "Manufacturer": "Siemens",
    "ManufacturersModelName": "Prisma",
    "InstitutionName": "CUBRIC_3T_West",
    "InstitutionalDepartmentName": "Department",
    "InstitutionAddress": "Maindy Road *,CARDIFF-Note:body18, flex Coils and interface in Connectome,Wales,GB,CF24 4HQ",
    "DeviceSerialNumber": "66073",
    "StationName": "AWP66073",
    "BodyPartExamined": "BRAIN",
    "PatientPosition": "HFS",
    "ProcedureStepDescription": "3TWproj^424_eegfmri",
    "SoftwareVersions": "syngo MR E11",
    "MRAcquisitionType": "2D",
    "SeriesDescription": "gre_field_mapping_LOW_B1+",
    "ProtocolName": "gre_field_mapping_LOW_B1+",
    "ScanningSequence": "GR",
    "SequenceVariant": "SP",
    "SequenceName": "*fm2d2r",
    "ImageType": [
        "ORIGINAL",
        "PRIMARY",
        "M",
        "ND",
        "NORM"
    ],
    "NonlinearGradientCorrection": false,
    "SeriesNumber": 7,
    "AcquisitionTime": "20:07:10.767500",
    "AcquisitionNumber": 1,
    "SliceThickness": 3.5,
    "SpacingBetweenSlices": 3.5,
    "SAR": 0.0681639,
    "EchoNumber": 1,
    "EchoTime": 0.00492,
    "RepetitionTime": 1,
    "FlipAngle": 75,
    "PartialFourier": 1,
    "BaseResolution": 64,
    "ShimSetting": [
        9803,
        73,
        -2635,
        513,
        77,
        117,
        67,
        49
    ],
    "TxRefAmp": 234.881,
    "PhaseResolution": 1,
    "ReceiveCoilName": "Head_32",
    "ReceiveCoilActiveElements": "HEA;HEP",
    "PulseSequenceDetails": "%SiemensSeq%\\gre_field_mapping",
    "CoilCombinationMethod": "Sum of Squares",
    "ConsistencyInfo": "N4_VE11C_LATEST_20160120",
    "MatrixCoilMode": "SENSE",
    "PercentPhaseFOV": 100,
    "PercentSampling": 100,
    "PhaseEncodingSteps": 64,
    "AcquisitionMatrixPE": 64,
    "ReconMatrixPE": 64,
    "PixelBandwidth": 290,
    "DwellTime": 0.0000269,
    "PhaseEncodingDirection": "j-",
    "SliceTiming": [
        0,
        0.51562,
        0.03125,
        0.54688,
        0.04688,
        0.5625,
        0.07812,
        0.59375,
        0.10938,
        0.625,
        0.14062,
        0.65625,
        0.17188,
        0.67188,
        0.1875,
        0.70312,
        0.21875,
        0.73438,
        0.25,
        0.75,
        0.26562,
        0.78125,
        0.29688,
        0.8125,
        0.32812,
        0.84375,
        0.35938,
        0.85938,
        0.375,
        0.89062,
        0.40625,
        0.92188,
        0.4375,
        0.95312,
        0.46875,
        0.96875,
        0.48438
    ],
    "ImageOrientationPatientDICOM": [
        0.99997,
        0.0076732,
        -0.000308187,
        -0.00767938,
        0.999165,
        -0.0401306
    ],
    "ImageOrientationText": "Tra>Cor(-2.3)",
    "InPlanePhaseEncodingDirectionDICOM": "COL",
    "ConversionSoftware": "dcm2niix",
    "ConversionSoftwareVersion": "v1.0.20230411",
    "IntendedFor": [
        "func/sub-28102021301_task-arousal_bold.nii.gz"
    ]
}