{
    "Modality": "MR",
    "MagneticFieldStrength": 3,
    "ImagingFrequency": 123.253909,
    "Manufacturer": "Siemens",
    "ManufacturersModelName": "Prisma",
    "InstitutionName": "CUBRIC_3T_West",
    "InstitutionalDepartmentName": "Department",
    "InstitutionAddress": "Maindy Road *,CARDIFF-Note:body18 in Connectome,Wales,GB,CF24 4HQ",
    "DeviceSerialNumber": "66073",
    "StationName": "AWP66073",
    "BodyPartExamined": "BRAIN",
    "PatientPosition": "HFS",
    "ProcedureStepDescription": "3TWproj^424_eegfmri",
    "SoftwareVersions": "syngo MR E11",
    "MRAcquisitionType": "2D",
    "SeriesDescription": "gre_field_mapping_LOW_B1+",
    "ProtocolName": "gre_field_mapping_LOW_B1+",
    "ScanningSequence": "GR",
    "SequenceVariant": "SP",
    "SequenceName": "*fm2d2r",
    "ImageType": [
        "ORIGINAL",
        "PRIMARY",
        "M",
        "ND",
        "NORM"
    ],
    "NonlinearGradientCorrection": false,
    "SeriesNumber": 7,
    "AcquisitionTime": "19:54:20.975000",
    "AcquisitionNumber": 1,
    "SliceThickness": 3.5,
    "SpacingBetweenSlices": 3.5,
    "SAR": 0.0822537,
    "EchoNumber": 1,
    "EchoTime": 0.00492,
    "RepetitionTime": 1,
    "FlipAngle": 75,
    "PartialFourier": 1,
    "BaseResolution": 64,
    "ShimSetting": [
        9762,
        49,
        -2610,
        420,
        4,
        0,
        22,
        104
    ],
    "TxRefAmp": 280.88,
    "PhaseResolution": 1,
    "ReceiveCoilName": "Head_32",
    "ReceiveCoilActiveElements": "HEA;HEP",
    "PulseSequenceDetails": "%SiemensSeq%\\gre_field_mapping",
    "CoilCombinationMethod": "Sum of Squares",
    "ConsistencyInfo": "N4_VE11C_LATEST_20160120",
    "MatrixCoilMode": "SENSE",
    "PercentPhaseFOV": 100,
    "PercentSampling": 100,
    "PhaseEncodingSteps": 64,
    "AcquisitionMatrixPE": 64,
    "ReconMatrixPE": 64,
    "PixelBandwidth": 290,
    "DwellTime": 0.0000269,
    "PhaseEncodingDirection": "j-",
    "SliceTiming": [
        0,
        0.51562,
        0.03125,
        0.54688,
        0.0625,
        0.57812,
        0.09375,
        0.59375,
        0.10938,
        0.625,
        0.14062,
        0.65625,
        0.17188,
        0.6875,
        0.20312,
        0.70312,
        0.21875,
        0.73438,
        0.25,
        0.76562,
        0.28125,
        0.78125,
        0.29688,
        0.8125,
        0.32812,
        0.84375,
        0.35938,
        0.875,
        0.39062,
        0.90625,
        0.40625,
        0.92188,
        0.4375,
        0.95312,
        0.46875,
        0.98438,
        0.48438
    ],
    "ImageOrientationPatientDICOM": [
        0.99997,
        0.00767509,
        0.00025461,
        -0.00767931,
        0.999421,
        0.0331542
    ],
    "ImageOrientationText": "Tra>Cor(1.9)",
    "InPlanePhaseEncodingDirectionDICOM": "COL",
    "ConversionSoftware": "dcm2niix",
    "ConversionSoftwareVersion": "v1.0.20230411",
    "IntendedFor": [
        "func/sub-19012022302_task-arousal_bold.nii.gz"
    ]
}