{
    "Modality": "MR",
    "MagneticFieldStrength": 3,
    "ImagingFrequency": 123.25445,
    "Manufacturer": "Siemens",
    "ManufacturersModelName": "Prisma",
    "InstitutionName": "CUBRIC_3T_West",
    "InstitutionalDepartmentName": "Department",
    "InstitutionAddress": "Maindy Road *,CARDIFF-Note:body18, flex Coils and interface in Connectome,Wales,GB,CF24 4HQ",
    "DeviceSerialNumber": "66073",
    "StationName": "AWP66073",
    "BodyPartExamined": "BRAIN",
    "PatientPosition": "HFS",
    "ProcedureStepDescription": "3TWproj^424_eegfmri",
    "SoftwareVersions": "syngo MR E11",
    "MRAcquisitionType": "2D",
    "SeriesDescription": "GSR_epi2d_bold_p2_FA75_AROUSAL",
    "ProtocolName": "GSR_epi2d_bold_p2_FA75_AROUSAL",
    "ScanningSequence": "EP",
    "SequenceVariant": "SK",
    "ScanOptions": "FS",
    "SequenceName": "*epfid2d1_64",
    "ImageType": [
        "ORIGINAL",
        "PRIMARY",
        "M",
        "ND",
        "NORM",
        "MOSAIC"
    ],
    "NonlinearGradientCorrection": false,
    "SeriesNumber": 4,
    "AcquisitionTime": "19:08:45.550000",
    "AcquisitionNumber": 1,
    "SliceThickness": 3.5,
    "SpacingBetweenSlices": 3.5,
    "SAR": 0.0763717,
    "EchoTime": 0.03,
    "RepetitionTime": 2,
    "FlipAngle": 75,
    "PartialFourier": 1,
    "BaseResolution": 64,
    "ShimSetting": [
        9803,
        73,
        -2635,
        513,
        77,
        117,
        67,
        49
    ],
    "TxRefAmp": 234.881,
    "PhaseResolution": 1,
    "ReceiveCoilName": "Head_32",
    "ReceiveCoilActiveElements": "HEA;HEP",
    "PulseSequenceDetails": "%SiemensSeq%\\ep2d_bold",
    "RefLinesPE": 24,
    "CoilCombinationMethod": "Sum of Squares",
    "ConsistencyInfo": "N4_VE11C_LATEST_20160120",
    "MatrixCoilMode": "GRAPPA",
    "PercentPhaseFOV": 100,
    "PercentSampling": 100,
    "EchoTrainLength": 31,
    "PhaseEncodingSteps": 63,
    "AcquisitionMatrixPE": 64,
    "ReconMatrixPE": 64,
    "BandwidthPerPixelPhaseEncode": 63.776,
    "ParallelReductionFactorInPlane": 2,
    "EffectiveEchoSpacing": 0.000244998,
    "DerivedVendorReportedEchoSpacing": 0.000489996,
    "TotalReadoutTime": 0.0154349,
    "PixelBandwidth": 2440,
    "DwellTime": 0.0000032,
    "PhaseEncodingDirection": "j-",
    "SliceTiming": [
        0,
        1.0175,
        0.0525,
        1.07,
        0.1075,
        1.125,
        0.16,
        1.1775,
        0.215,
        1.23,
        0.2675,
        1.285,
        0.32,
        1.3375,
        0.375,
        1.3925,
        0.4275,
        1.445,
        0.4825,
        1.4975,
        0.535,
        1.5525,
        0.59,
        1.605,
        0.6425,
        1.66,
        0.695,
        1.7125,
        0.75,
        1.765,
        0.8025,
        1.82,
        0.8575,
        1.8725,
        0.91,
        1.9275,
        0.9625
    ],
    "ImageOrientationPatientDICOM": [
        0.99997,
        0.0076732,
        -0.000308187,
        -0.00767938,
        0.999165,
        -0.0401306
    ],
    "ImageOrientationText": "Tra>Cor(-2.3)",
    "InPlanePhaseEncodingDirectionDICOM": "COL",
    "ConversionSoftware": "dcm2niix",
    "ConversionSoftwareVersion": "v1.0.20230411",
    "TaskName": "arousal"
}