{
    "Modality": "MR",
    "MagneticFieldStrength": 3,
    "ImagingFrequency": 123.253895,
    "Manufacturer": "Siemens",
    "ManufacturersModelName": "Prisma",
    "InstitutionName": "CUBRIC_3T_West",
    "InstitutionalDepartmentName": "Department",
    "InstitutionAddress": "Maindy Road *,CARDIFF-Note:body18 in Connectome,Wales,GB,CF24 4HQ",
    "DeviceSerialNumber": "66073",
    "StationName": "AWP66073",
    "BodyPartExamined": "BRAIN",
    "PatientPosition": "HFS",
    "ProcedureStepDescription": "3TWproj^424_eegfmri",
    "SoftwareVersions": "syngo MR E11",
    "MRAcquisitionType": "2D",
    "SeriesDescription": "GSR_epi2d_bold_p2_FA75_AROUSAL",
    "ProtocolName": "GSR_epi2d_bold_p2_FA75_AROUSAL",
    "ScanningSequence": "EP",
    "SequenceVariant": "SK",
    "ScanOptions": "FS",
    "SequenceName": "*epfid2d1_64",
    "ImageType": [
        "ORIGINAL",
        "PRIMARY",
        "M",
        "ND",
        "NORM",
        "MOSAIC"
    ],
    "NonlinearGradientCorrection": false,
    "SeriesNumber": 4,
    "AcquisitionTime": "18:54:43.697500",
    "AcquisitionNumber": 1,
    "SliceThickness": 3.5,
    "SpacingBetweenSlices": 3.5,
    "SAR": 0.092158,
    "EchoTime": 0.03,
    "RepetitionTime": 2,
    "FlipAngle": 75,
    "PartialFourier": 1,
    "BaseResolution": 64,
    "ShimSetting": [
        9762,
        49,
        -2610,
        420,
        4,
        0,
        22,
        104
    ],
    "TxRefAmp": 280.88,
    "PhaseResolution": 1,
    "ReceiveCoilName": "Head_32",
    "ReceiveCoilActiveElements": "HEA;HEP",
    "PulseSequenceDetails": "%SiemensSeq%\\ep2d_bold",
    "RefLinesPE": 24,
    "CoilCombinationMethod": "Sum of Squares",
    "ConsistencyInfo": "N4_VE11C_LATEST_20160120",
    "MatrixCoilMode": "GRAPPA",
    "PercentPhaseFOV": 100,
    "PercentSampling": 100,
    "EchoTrainLength": 31,
    "PhaseEncodingSteps": 63,
    "AcquisitionMatrixPE": 64,
    "ReconMatrixPE": 64,
    "BandwidthPerPixelPhaseEncode": 63.776,
    "ParallelReductionFactorInPlane": 2,
    "EffectiveEchoSpacing": 0.000244998,
    "DerivedVendorReportedEchoSpacing": 0.000489996,
    "TotalReadoutTime": 0.0154349,
    "PixelBandwidth": 2440,
    "DwellTime": 0.0000032,
    "PhaseEncodingDirection": "j-",
    "SliceTiming": [
        0,
        1.015,
        0.0525,
        1.07,
        0.105,
        1.1225,
        0.16,
        1.175,
        0.2125,
        1.23,
        0.2675,
        1.2825,
        0.32,
        1.3375,
        0.3725,
        1.39,
        0.4275,
        1.445,
        0.48,
        1.4975,
        0.535,
        1.55,
        0.5875,
        1.605,
        0.64,
        1.6575,
        0.695,
        1.7125,
        0.7475,
        1.765,
        0.8025,
        1.8175,
        0.855,
        1.8725,
        0.9075,
        1.925,
        0.9625
    ],
    "ImageOrientationPatientDICOM": [
        0.99997,
        0.00767509,
        0.00025461,
        -0.00767931,
        0.999421,
        0.0331542
    ],
    "ImageOrientationText": "Tra>Cor(1.9)",
    "InPlanePhaseEncodingDirectionDICOM": "COL",
    "ConversionSoftware": "dcm2niix",
    "ConversionSoftwareVersion": "v1.0.20230411",
    "TaskName": "arousal"
}